NUGET
  remote: http://nuget.org/api/v2
  specs:
    FAKE (3.5.10)
    FSharp.Compiler.Service (0.0.62)
    FSharp.Formatting (2.4.30)
      FSharp.Compiler.Service (>= 0.0.62)
      Microsoft.AspNet.Razor (2.0.30506.0)
      RazorEngine (3.3.0)
    Microsoft.AspNet.Razor (2.0.30506.0)
    Microsoft.WindowsAzure.ConfigurationManager (2.0.3)
    Newtonsoft.Json (6.0.5)
    NUnit (2.6.3)
    NUnit.Runners (2.6.3)
    RazorEngine (3.3.0)
      Microsoft.AspNet.Razor (>= 2.0.30506.0)
    SourceLink.Fake (0.4.0)
    WindowsAzure.ServiceBus (2.4.4.0)
      Microsoft.WindowsAzure.ConfigurationManager (>= 0)
